GEM
  remote: http://rubygems.org/
  specs:
    archive-tar-minitar (0.5.2)
    childprocess (0.3.1)
      ffi (~> 1.0.6)
    erubis (2.7.0)
    ffi (1.0.11)
    haml (3.1.4)
    i18n (0.6.0)
    json (1.5.4)
    log4r (1.1.10)
    net-scp (1.0.4)
      net-ssh (>= 1.99.1)
    net-ssh (2.2.2)
    rack (1.4.1)
    rack-protection (1.2.0)
      rack
    shotgun (0.9)
      rack (>= 1.0)
    sinatra (1.3.2)
      rack (~> 1.3, >= 1.3.6)
      rack-protection (~> 1.2)
      tilt (~> 1.3, >= 1.3.3)
    tilt (1.3.3)
    vagrant (0.9.7)
      archive-tar-minitar (= 0.5.2)
      childprocess (~> 0.3.1)
      erubis (~> 2.7.0)
      i18n (~> 0.6.0)
      json (~> 1.5.1)
      log4r (~> 1.1.9)
      net-scp (~> 1.0.4)
      net-ssh (~> 2.2.2)

PLATFORMS
  ruby

DEPENDENCIES
  haml (~> 3.1.4)
  shotgun (~> 0.9)
  sinatra (~> 1.3.2)
  vagrant (~> 0.9.7)
